GEM
  specs:
    faker (1.2.0)
      i18n (~> 0.5)
    i18n (0.6.4)

PLATFORMS
  ruby

DEPENDENCIES
  faker
